PATH
  remote: .
  specs:
    active_merchant_ecpay (0.1.0)

GEM
  remote: https://rubygems.org/
  specs:
    rake (13.0.1)

PLATFORMS
  ruby

DEPENDENCIES
  active_merchant_ecpay!
  bundler (~> 2.0)
  rake (~> 13.0)

BUNDLED WITH
   2.0.2
